GEM
  remote: http://rubygems.org/
  specs:
    awesome_print (0.4.0)
    growl (1.0.3)
    guard (0.8.4)
      thor (~> 0.14.6)
    guard-bundler (0.1.3)
      bundler (>= 1.0.0)
      guard (>= 0.2.2)
    guard-shell (0.1.1)
      guard (>= 0.2.0)
    rb-fsevent (0.4.3.1)
    rr (1.0.4)
    rspec (1.3.2)
    thor (0.14.6)

PLATFORMS
  ruby

DEPENDENCIES
  awesome_print
  growl
  guard
  guard-bundler
  guard-shell
  rb-fsevent
  rr
  rspec (~> 1.3.0)
