GEM
  remote: http://rubygems.org/
  specs:
    awesome_print (0.4.0)
    rr (1.0.4)
    rspec (1.3.2)

PLATFORMS
  ruby

DEPENDENCIES
  awesome_print
  rr
  rspec (~> 1.3.0)
